GEM
  remote: https://rubygems.org/
  specs:
    rack (1.5.2)
    sqlite3 (1.3.8)

PLATFORMS
  ruby

DEPENDENCIES
  rack
  sqlite3
